PATH
  remote: .
  specs:
    rodakase (0.0.1)
      roda (~> 1.3)

GEM
  remote: https://rubygems.org/
  specs:
    rack (1.6.0)
    rake (10.4.2)
    roda (1.3.0)
      rack

PLATFORMS
  ruby

DEPENDENCIES
  bundler (~> 1.7)
  rake (~> 10.0)
  rodakase!
